GEM
  remote: https://rubygems.org/
  specs:
    ansi (1.5.0)
    backports (3.24.1)
    builder (3.2.4)
    erubis (2.7.0)
    minitest (5.18.0)
    minitest-reporters (1.6.0)
      ansi
      builder
      minitest (>= 5.0)
      ruby-progressbar
    multi_json (1.15.0)
    rack (1.6.13)
    rack-protection (1.5.5)
      rack
    rack-test (2.1.0)
      rack (>= 1.3)
    redcarpet (3.6.0)
    ruby-progressbar (1.13.0)
    sinatra (1.4.8)
      rack (~> 1.5)
      rack-protection (~> 1.4)
      tilt (>= 1.3, < 3)
    sinatra-contrib (1.4.7)
      backports (>= 2.0)
      multi_json
      rack-protection
      rack-test
      sinatra (~> 1.4.0)
      tilt (>= 1.3, < 3)
    tilt (2.1.0)

PLATFORMS
  arm64-darwin-22
  x86_64-linux

DEPENDENCIES
  erubis
  minitest
  minitest-reporters
  rack-test
  redcarpet
  sinatra (~> 1.4.7)
  sinatra-contrib

BUNDLED WITH
   2.4.8
